GEM
  remote: http://rubygems.org/
  specs:
    RedCloth (4.2.8)
    adsf (1.0.1)
      rack (>= 1.0.0)
    blankslate (2.1.2.4)
    cri (2.0.2)
    erubis (2.7.0)
    ffi (1.0.9)
    maruku (0.6.0)
      syntax (>= 1.0.0)
    nanoc (3.2.2)
      nanoc3 (>= 3.2.2)
    nanoc3 (3.2.2)
      cri (~> 2.0)
    org-ruby (0.5.3)
      rubypants (>= 0.2.0)
    pygments.rb (0.2.1)
      rubypython (>= 0.5.1)
    rack (1.3.2)
    rainpress (1.0)
    rake (0.9.2)
    rubypants (0.2.0)
    rubypython (0.5.1)
      blankslate (>= 2.1.2.3)
      ffi (~> 1.0.7)
    sass (3.1.7)
    syntax (1.0.0)

PLATFORMS
  ruby

DEPENDENCIES
  RedCloth
  adsf
  bundler
  erubis
  maruku
  nanoc
  org-ruby (~> 0.5.3)
  pygments.rb
  rainpress
  rake
  sass
